GEM
  specs:
    twitch-chat (0.0.1)

PLATFORMS
  ruby

DEPENDENCIES
  twitch-chat

BUNDLED WITH
   1.17.2
